GEM
  remote: https://rubygems.org/
  remote: http://localhost:33985/
  specs:
    alfred-workflow (3.0.0.20161208013200)
      fuzzy_match (>= 2.0.4)
      gyoku (>= 1.1.0)
      moneta (>= 0.7.19)
      nori (>= 2.3.0)
      plist (>= 3.1.0)
      terminal-notifier (>= 1.5.0)
    builder (3.2.2)
    fuzzy_match (2.1.0)
    gyoku (1.3.1)
      builder (>= 2.1.2)
    moneta (0.8.0)
    nori (2.6.0)
    plist (3.2.0)
    terminal-notifier (1.7.1)

PLATFORMS
  ruby

DEPENDENCIES
  alfred-workflow (~> 3.0.0)!
  plist

BUNDLED WITH
   1.12.5
