GEM
  remote: https://rubygems.org/
  specs:
    plist (3.2.0)

PLATFORMS
  ruby

DEPENDENCIES
  plist

BUNDLED WITH
   1.16.1
